GEM
  remote: https://rubygems.org/
  specs:
    activemodel (7.0.4)
      activesupport (= 7.0.4)
    activerecord (7.0.4)
      activemodel (= 7.0.4)
      activesupport (= 7.0.4)
    activesupport (7.0.4)
      concurrent-ruby (~> 1.0, >= 1.0.2)
      i18n (>= 1.6, < 2)
      minitest (>= 5.1)
      tzinfo (~> 2.0)
    ast (2.4.2)
    brakeman (3.7.2)
    bundler-audit (0.9.1)
      bundler (>= 1.2.0, < 3)
      thor (~> 1.0)
    bundler-leak (0.2.0)
      bundler (>= 1.2.0, < 3)
      thor (>= 0.18, < 2)
    colorize (0.8.1)
    concurrent-ruby (1.1.10)
    fasterer (0.9.0)
      colorize (~> 0.7)
      ruby_parser (>= 3.14.1)
    i18n (1.12.0)
      concurrent-ruby (~> 1.0)
    json (2.6.2)
    lefthook (0.5.7)
    mini_portile2 (2.8.0)
    minitest (5.16.3)
    parallel (1.22.1)
    parser (3.1.3.0)
      ast (~> 2.4.1)
    rainbow (3.1.1)
    regexp_parser (2.6.1)
    rexml (3.2.5)
    rubocop (1.39.0)
      json (~> 2.3)
      parallel (~> 1.10)
      parser (>= 3.1.2.1)
      rainbow (>= 2.2.2, < 4.0)
      regexp_parser (>= 1.8, < 3.0)
      rexml (>= 3.2.5, < 4.0)
      rubocop-ast (>= 1.23.0, < 2.0)
      ruby-progressbar (~> 1.7)
      unicode-display_width (>= 1.4.0, < 3.0)
    rubocop-ast (1.24.0)
      parser (>= 3.1.1.0)
    rubocop-performance (1.15.1)
      rubocop (>= 1.7.0, < 2.0)
      rubocop-ast (>= 0.4.0)
    ruby-progressbar (1.11.0)
    ruby_parser (3.19.1)
      sexp_processor (~> 4.16)
    sexp_processor (4.16.1)
    sqlite3 (1.5.4)
      mini_portile2 (~> 2.8.0)
    terminal-table (3.0.2)
      unicode-display_width (>= 1.1.1, < 3)
    thor (1.2.1)
    tzinfo (2.0.5)
      concurrent-ruby (~> 1.0)
    unicode-display_width (2.3.0)

PLATFORMS
  x64-unknown
  x64-unknown
  x86_64-linux

DEPENDENCIES
  activerecord
  brakeman (~> 3.3, >= 3.3.2)
  bundler-audit
  bundler-leak (~> 0.2.0)
  colorize
  fasterer (~> 0.9.0)
  i18n
  lefthook (~> 0.5.5)
  rubocop
  rubocop-performance
  sqlite3
  terminal-table

BUNDLED WITH
   2.3.26
